GEM
  remote: http://rubygems.org/
  specs:
    builder (3.2.0)
    chunky_png (1.2.8)
    compass (0.11.7)
      chunky_png (~> 1.2)
      fssm (>= 0.2.7)
      sass (~> 3.1)
    cucumber (1.2.5)
      builder (>= 2.1.2)
      diff-lcs (>= 1.1.3)
      gherkin (~> 2.11.7)
      multi_json (~> 1.3)
    diff-lcs (1.1.3)
    fssm (0.2.10)
    gherkin (2.11.8)
      multi_json (~> 1.3)
    haml (4.0.2)
      tilt
    multi_json (1.7.2)
    nokogiri (1.5.9)
    rack (1.5.2)
    rake (10.0.3)
    rspec (2.5.0)
      rspec-core (~> 2.5.0)
      rspec-expectations (~> 2.5.0)
      rspec-mocks (~> 2.5.0)
    rspec-core (2.5.2)
    rspec-expectations (2.5.0)
      diff-lcs (~> 1.1.2)
    rspec-mocks (2.5.0)
    sass (3.2.7)
    staticmatic (0.11.1)
      compass (>= 0.10.0)
      haml (>= 2.0.0)
      rack (>= 1.0)
    tilt (1.3.7)
    yard (0.7.5)

PLATFORMS
  ruby

DEPENDENCIES
  bundler (~> 1.2.0)
  compass (~> 0.11.7)
  cucumber (~> 1.2.0)
  haml
  nokogiri (~> 1.5.2)
  rake
  rspec (~> 2.5.0)
  staticmatic
  yard (~> 0.7.4)
